GEM
  remote: https://rubygems.org/
  specs:
    faraday (0.14.0)
      multipart-post (>= 1.2, < 3)
    jwt (2.1.0)
    mini_portile2 (2.3.0)
    multipart-post (2.0.0)
    nokogiri (1.8.2)
      mini_portile2 (~> 2.3.0)
    rack (2.0.4)
    shotgun (0.9.2)
      rack (>= 1.0)
    twilio-ruby (5.7.2)
      faraday (~> 0.9)
      jwt (>= 1.5, <= 2.5)
      nokogiri (>= 1.6, < 2.0)

PLATFORMS
  ruby

DEPENDENCIES
  rack
  shotgun
  twilio-ruby

BUNDLED WITH
   1.16.1
